GEM
  remote: https://rubygems.org/
  specs:

PLATFORMS
  x86_64-linux
  x86_64-linux-gnu

DEPENDENCIES

BUNDLED WITH
   2.6.6
